GIT
  remote: https://github.com/rspec/rspec-core.git
  revision: bc9bb2da423b2cf6b7e53f1307c3ef2d24fceb7b
  branch: main
  specs:
    rspec-core (3.12.0.pre)
      rspec-support (= 3.12.0.pre)

GIT
  remote: https://github.com/rspec/rspec-expectations.git
  revision: 5f17020265ce71cd6a221bd2c7b5d67cff5f22e1
  branch: main
  specs:
    rspec-expectations (3.12.0.pre)
      diff-lcs (>= 1.2.0, < 2.0)
      rspec-support (= 3.12.0.pre)

GIT
  remote: https://github.com/rspec/rspec-mocks.git
  revision: d8256aa5eadffa8d3cb59dffc66a653d3e287064
  branch: main
  specs:
    rspec-mocks (3.12.0.pre)
      diff-lcs (>= 1.2.0, < 2.0)
      rspec-support (= 3.12.0.pre)

GIT
  remote: https://github.com/rspec/rspec-support.git
  revision: 5fdadceffbd87962ce3f5152c28e968152d89d30
  branch: main
  specs:
    rspec-support (3.12.0.pre)

GIT
  remote: https://github.com/rspec/rspec.git
  revision: f4393df94d8ddde9a0b68ac29b93d09b85ef9025
  branch: main
  specs:
    rspec (3.12.0.pre)
      rspec-core (= 3.12.0.pre)
      rspec-expectations (= 3.12.0.pre)
      rspec-mocks (= 3.12.0.pre)

GEM
  remote: https://rubygems.org/
  specs:
    ast (2.4.2)
    async (1.30.2)
      console (~> 1.10)
      nio4r (~> 2.3)
      timers (~> 4.1)
    async-http (0.56.6)
      async (>= 1.25)
      async-io (>= 1.28)
      async-pool (>= 0.2)
      protocol-http (~> 0.22.0)
      protocol-http1 (~> 0.14.0)
      protocol-http2 (~> 0.14.0)
      traces (~> 0.4.0)
    async-io (1.33.0)
      async
    async-pool (0.3.10)
      async (>= 1.25)
    async-websocket (0.19.0)
      async-http (~> 0.54)
      async-io (~> 1.23)
      protocol-websocket (~> 0.7.0)
    console (1.15.0)
      fiber-local
    diff-lcs (1.5.0)
    discorb (0.16.0)
      async (~> 1.30.1)
      async-http (~> 0.56.5)
      async-websocket (~> 0.19.0)
      mime-types (~> 3.3)
    fiber-local (1.0.0)
    mime-types (3.4.1)
      mime-types-data (~> 3.2015)
    mime-types-data (3.2022.0105)
    nio4r (2.5.8)
    parallel (1.22.1)
    parser (3.1.2.0)
      ast (~> 2.4.1)
    protocol-hpack (1.4.2)
    protocol-http (0.22.6)
    protocol-http1 (0.14.4)
      protocol-http (~> 0.22)
    protocol-http2 (0.14.2)
      protocol-hpack (~> 1.4)
      protocol-http (~> 0.18)
    protocol-websocket (0.7.5)
      protocol-http (~> 0.2)
      protocol-http1 (~> 0.2)
    rainbow (3.1.1)
    rake (13.0.6)
    regexp_parser (2.3.1)
    rexml (3.2.5)
    rubocop (1.29.0)
      parallel (~> 1.10)
      parser (>= 3.1.0.0)
      rainbow (>= 2.2.2, < 4.0)
      regexp_parser (>= 1.8, < 3.0)
      rexml (>= 3.2.5, < 4.0)
      rubocop-ast (>= 1.17.0, < 2.0)
      ruby-progressbar (~> 1.7)
      unicode-display_width (>= 1.4.0, < 3.0)
    rubocop-ast (1.17.0)
      parser (>= 3.1.1.0)
    ruby-progressbar (1.11.0)
    timers (4.3.3)
    traces (0.4.1)
    unicode-display_width (2.1.0)

PLATFORMS
  x86_64-linux

DEPENDENCIES
  discorb
  rake (~> 13.0)
  rspec!
  rspec-core!
  rspec-expectations!
  rspec-mocks!
  rspec-support!
  rubocop (~> 1.21)

BUNDLED WITH
   2.2.3
